REDIRECTS: ON
FRAMEWORK: NET45
NUGET
  remote: https://www.nuget.org/api/v2
    Akka (1.1.3)
      Newtonsoft.Json (>= 9.0.1)
      System.Collections.Immutable (>= 1.1.36)
    Akka.FSharp (1.1.3)
      Akka (>= 1.1.3)
      FsPickler (>= 1.2.21)
      FSPowerPack.Core.Community (>= 3.0)
      FSPowerPack.Linq.Community (>= 3.0)
    FSharp.Core (4.0)
    FSharp.Data (2.3.2)
    FSharp.Data.Toolbox.Twitter (0.19)
      FSharp.Data (>= 2.2.3)
    FsPickler (2.4)
    FSPowerPack.Core.Community (3.0)
    FSPowerPack.Linq.Community (3.0)
      FSPowerPack.Core.Community
    Newtonsoft.Json (9.0.1)
    Serilog (2.4)
    Serilog.Formatting.Compact (1.0)
      Serilog (>= 2.0)
    Serilog.Sinks.ColoredConsole (2.0)
      Serilog (>= 2.0)
    Serilog.Sinks.File (3.2)
      Serilog (>= 2.3)
    Serilog.Sinks.PeriodicBatching (2.1)
      Serilog (>= 2.0)
    Serilog.Sinks.RollingFile (3.3)
      Serilog.Sinks.File (>= 3.2)
    Serilog.Sinks.Seq (3.2)
      Serilog (>= 2.3)
      Serilog.Formatting.Compact (>= 1.0)
      Serilog.Sinks.File (>= 3.2)
      Serilog.Sinks.PeriodicBatching (>= 2.1)
      Serilog.Sinks.RollingFile (>= 3.3)
    System.Collections.Immutable (1.3.1)
    WindowsNotifications (1.0)

GROUP Build
REDIRECTS: OFF
NUGET
  remote: https://www.nuget.org/api/v2
    FAKE (4.50.1)
